GEM
  remote: https://rubygems.org/
  specs:
    coderay (1.1.2)
    csv (1.0.1)
    httparty (0.16.2)
      multi_xml (>= 0.5.2)
    method_source (0.9.0)
    multi_xml (0.6.0)
    pry (0.11.3)
      coderay (~> 1.1.0)
      method_source (~> 0.9.0)
    redcarpet (3.4.0)

PLATFORMS
  ruby

DEPENDENCIES
  csv
  httparty
  pry
  redcarpet

BUNDLED WITH
   1.16.1
